GEM
  remote: http://rubygems.org/
  specs:
    chunky_png (1.2.5)
    compass (0.12.2)
      chunky_png (~> 1.2)
      fssm (>= 0.2.7)
      sass (~> 3.1)
    fssm (0.2.9)
    rake (0.9.2.2)
    sass (3.2.0.alpha.275)
    zurb-foundation (3.0.6)
      compass (>= 0.12.2)
      rake
      sass (>= 3.2.0.alpha.244)

PLATFORMS
  ruby

DEPENDENCIES
  compass (~> 0.12.2)
  zurb-foundation (~> 3.0.6)
